GEM
  remote: https://rubygems.org/
  specs:
    builder (3.3.0)
    faraday (2.9.1)
      faraday-net_http (>= 2.0, < 3.2)
    faraday-net_http (3.1.0)
      net-http
    net-http (0.4.1)
      uri
    rsolr (2.6.0)
      builder (>= 2.1.2)
      faraday (>= 0.9, < 3, != 2.0.0)
    uri (0.13.0)

PLATFORMS
  universal-java-1.8

DEPENDENCIES
  rsolr

BUNDLED WITH
   2.3.26
